GEM
  remote: http://rubygems.org/
  specs:
    abstract (1.0.0)
    actionmailer (3.0.2)
      actionpack (= 3.0.2)
      mail (~> 2.2.9)
    actionpack (3.0.2)
      activemodel (= 3.0.2)
      activesupport (= 3.0.2)
      builder (~> 2.1.2)
      erubis (~> 2.6.6)
      i18n (~> 0.4.1)
      rack (~> 1.2.1)
      rack-mount (~> 0.6.13)
      rack-test (~> 0.5.6)
      tzinfo (~> 0.3.23)
    activemodel (3.0.2)
      activesupport (= 3.0.2)
      builder (~> 2.1.2)
      i18n (~> 0.4.1)
    activesupport (3.0.2)
    addressable (2.2.2)
    builder (2.1.2)
    erubis (2.6.6)
      abstract (>= 1.0.0)
    faraday (0.5.3)
      addressable (~> 2.2.2)
      multipart-post (~> 1.0.1)
      rack (>= 1.1.0, < 2)
    fbgraph (0.1.6.4.1)
      hashie
      json
      oauth2
      rest-client
    hashie (0.4.0)
    i18n (0.4.2)
    json (1.4.6)
    mail (2.2.9.1)
      activesupport (>= 2.3.6)
      i18n (>= 0.4.1)
      mime-types (~> 1.16)
      treetop (~> 1.4.8)
    mime-types (1.16)
    multi_json (0.0.5)
    multipart-post (1.0.1)
    oauth2 (0.1.0)
      faraday (~> 0.5.0)
      multi_json (~> 0.0.4)
    polyglot (0.3.1)
    rack (1.2.1)
    rack-mount (0.6.13)
      rack (>= 1.0.0)
    rack-test (0.5.6)
      rack (>= 1.0)
    railties (3.0.2)
      actionpack (= 3.0.2)
      activesupport (= 3.0.2)
      rake (>= 0.8.7)
      thor (~> 0.14.4)
    rake (0.8.7)
    rest-client (1.6.1)
      mime-types (>= 1.16)
    thor (0.14.4)
    treetop (1.4.8)
      polyglot (>= 0.3.1)
    tzinfo (0.3.23)

PLATFORMS
  ruby

DEPENDENCIES
  actionmailer (~> 3.0.1)
  actionpack (~> 3.0.1)
  activesupport (~> 3.0.1)
  fbgraph
  json
  oauth2
  railties (~> 3.0.1)
